GEM
  remote: http://rubygems.org/
  specs:
    activesupport (3.0.5)
    haml (3.0.25)
    hpricot (0.8.4)
    i18n (0.5.0)
    json (1.5.1)
    rack (1.2.1)
    rdiscount (1.6.8)
    redis (2.1.1)
    sinatra (1.2.0)
      rack (~> 1.1)
      tilt (< 2.0, >= 1.2.2)
    tilt (1.2.2)
    tzinfo (0.3.24)

PLATFORMS
  ruby

DEPENDENCIES
  activesupport
  haml
  hpricot
  i18n
  json
  rdiscount
  redis
  sinatra
  tzinfo
